GEM
  remote: https://rubygems.org/
  specs:
    rack (1.6.13)

PLATFORMS
  x86_64-darwin-20

DEPENDENCIES
  rack (~> 1.6.4)

RUBY VERSION
   ruby 3.0.0p0

BUNDLED WITH
   2.2.4
