GEM
  remote: https://rubygems.org/
  specs:
    nio4r (2.5.4)
    puma (5.1.1)
      nio4r (~> 2.0)
    rack (2.2.3)

PLATFORMS
  x86_64-darwin-20

DEPENDENCIES
  puma
  rack (~> 2.2.3)

RUBY VERSION
   ruby 3.0.0p0

BUNDLED WITH
   2.2.4
